PATH
  remote: .
  specs:
    rks (0.3.28)
      avro_turf (~> 0.8.1)
      byebug (~> 10.0.2)
      concurrent-ruby (~> 1.1.3)
      logstash-logger (~> 0.26.1)
      minitest (~> 5.11.3)
      poseidon (~> 0.0.5)
      puma (~> 3.12.0)
      rack (~> 2.0.6)
      ruby-kafka (~> 0.7.4)
      sidekiq (~> 6.0.2)
      thor

GEM
  remote: https://rubygems.org/
  specs:
    avro (1.8.2)
      multi_json
    avro_turf (0.8.1)
      avro (>= 1.7.7, < 1.9)
      excon (~> 0.45)
    byebug (10.0.2)
    concurrent-ruby (1.1.9)
    connection_pool (2.2.5)
    digest-crc (0.6.0)
    docile (1.4.0)
    excon (0.85.0)
    logstash-event (1.2.02)
    logstash-logger (0.26.1)
      logstash-event (~> 1.2)
    minitest (5.11.3)
    multi_json (1.15.0)
    poseidon (0.0.5)
    puma (3.12.6)
    rack (2.0.9)
    rack-protection (2.1.0)
      rack
    rake (10.5.0)
    redis (4.4.0)
    ruby-kafka (0.7.10)
      digest-crc
    sidekiq (6.0.7)
      connection_pool (>= 2.2.2)
      rack (~> 2.0)
      rack-protection (>= 2.0.0)
      redis (>= 4.1.0)
    simplecov (0.21.2)
      docile (~> 1.1)
      simplecov-html (~> 0.11)
      simplecov_json_formatter (~> 0.1)
    simplecov-html (0.12.3)
    simplecov_json_formatter (0.1.3)
    thor (1.1.0)

PLATFORMS
  x86_64-darwin-19

DEPENDENCIES
  avro_turf
  bundler (~> 2.2.26)
  byebug
  concurrent-ruby
  logstash-logger
  minitest
  poseidon
  rake (~> 10.0)
  rks!
  ruby-kafka
  sidekiq
  simplecov

BUNDLED WITH
   2.2.26
