PATH
  remote: .
  specs:
    rks (0.3.28)
      avro_turf (~> 0.8.1)
      byebug (~> 10.0.2)
      concurrent-ruby (~> 1.1.3)
      logstash-logger (~> 0.26.1)
      minitest (~> 5.11.3)
      poseidon (~> 0.0.5)
      puma (~> 3.12.0)
      rack (~> 2.0.6)
      ruby-kafka (~> 0.7.4)
      sidekiq (~> 5.2.3)
      sidekiq-pro (~> 4.0.4)
      thor

GEM
  remote: https://rubygems.org/
  remote: https://46617433:56bec501@gems.contribsys.com/
  specs:
    avro (1.8.2)
      multi_json
    avro_turf (0.8.1)
      avro (>= 1.7.7, < 1.9)
      excon (~> 0.45)
    byebug (10.0.2)
    concurrent-ruby (1.1.3)
    connection_pool (2.2.2)
    digest-crc (0.4.1)
    docile (1.3.1)
    excon (0.62.0)
    json (2.1.0)
    logstash-event (1.2.02)
    logstash-logger (0.26.1)
      logstash-event (~> 1.2)
    minitest (5.11.3)
    multi_json (1.13.1)
    poseidon (0.0.5)
    puma (3.12.0)
    rack (2.0.6)
    rack-protection (2.0.4)
      rack
    rake (10.5.0)
    redis (4.0.3)
    ruby-kafka (0.7.4)
      digest-crc
    sidekiq (5.2.3)
      connection_pool (~> 2.2, >= 2.2.2)
      rack-protection (>= 1.5.0)
      redis (>= 3.3.5, < 5)
    sidekiq-pro (4.0.4)
      concurrent-ruby (>= 1.0.5)
      sidekiq (>= 5.2.1)
    simplecov (0.16.1)
      docile (~> 1.1)
      json (>= 1.8, < 3)
      simplecov-html (~> 0.10.0)
    simplecov-html (0.10.2)
    thor (0.20.3)

PLATFORMS
  ruby

DEPENDENCIES
  avro_turf
  bundler (~> 1.16)
  byebug
  concurrent-ruby
  logstash-logger
  minitest
  poseidon
  rake (~> 10.0)
  rks!
  ruby-kafka
  sidekiq
  sidekiq-pro (= 4.0.4)!
  simplecov

BUNDLED WITH
   1.17.3
